PATH
  remote: .
  specs:
    wordsmith (0.0.6)
      git
      kindlegen (~> 2.3)
      nokogiri (~> 1.5)
      sass (~> 3.1)

GEM
  remote: http://rubygems.org/
  specs:
    ffi (1.11.1)
    git (1.5.0)
    bundler (2.1.4)
    mini_portile2 (2.4.0)
    nokogiri (1.10.3)
      mini_portile2 (~> 2.4.0)
    rake (0.9.2.2)
    rb-fsevent (0.10.3)
    rb-inotify (0.10.0)
      ffi (~> 1.0)
    sass (3.7.4)
      sass-listen (~> 4.0.0)
    sass-listen (4.0.0)
      rb-fsevent (~> 0.9, >= 0.9.4)
      rb-inotify (~> 0.9, >= 0.9.7)
    test-unit (2.4.8)

PLATFORMS
  ruby

DEPENDENCIES
  rake
  test-unit
  wordsmith!

BUNDLED WITH
   2.1.4
